PATH
  remote: .
  specs:
    issue (1.0.1)
      openssl (~> 3.2.0)
      rack (~> 3.0.8)

GEM
  remote: https://rubygems.org/
  specs:
    diff-lcs (1.5.1)
    openssl (3.2.0)
    rack (3.0.10)
    rake (13.0.6)
    rspec (3.13.0)
      rspec-core (~> 3.13.0)
      rspec-expectations (~> 3.13.0)
      rspec-mocks (~> 3.13.0)
    rspec-core (3.13.0)
      rspec-support (~> 3.13.0)
    rspec-expectations (3.13.0)
      diff-lcs (>= 1.2.0, < 2.0)
      rspec-support (~> 3.13.0)
    rspec-mocks (3.13.0)
      diff-lcs (>= 1.2.0, < 2.0)
      rspec-support (~> 3.13.0)
    rspec-support (3.13.1)

PLATFORMS
  ruby

DEPENDENCIES
  issue!
  rake (~> 13.0.6)
  rspec (~> 3.12)

BUNDLED WITH
   2.5.6
