PATH
  remote: .
  specs:
    issue (1.0.0)
      openssl
      rack

GEM
  remote: https://rubygems.org/
  specs:
    diff-lcs (1.5.0)
    openssl (3.0.0)
    rack (2.2.4)
    rake (13.0.6)
    rspec (3.11.0)
      rspec-core (~> 3.11.0)
      rspec-expectations (~> 3.11.0)
      rspec-mocks (~> 3.11.0)
    rspec-core (3.11.0)
      rspec-support (~> 3.11.0)
    rspec-expectations (3.11.0)
      diff-lcs (>= 1.2.0, < 2.0)
      rspec-support (~> 3.11.0)
    rspec-mocks (3.11.1)
      diff-lcs (>= 1.2.0, < 2.0)
      rspec-support (~> 3.11.0)
    rspec-support (3.11.0)

PLATFORMS
  ruby

DEPENDENCIES
  issue!
  rake (~> 13.0.3)
  rspec (~> 3.10)

BUNDLED WITH
   2.3.12
