PATH
  remote: .
  specs:
    issue (1.0.0)
      openssl
      rack

GEM
  remote: https://rubygems.org/
  specs:
    diff-lcs (1.4.4)
    ipaddr (1.2.3)
    openssl (2.2.1)
      ipaddr
    rack (2.2.3)
    rake (13.0.6)
    rspec (3.10.0)
      rspec-core (~> 3.10.0)
      rspec-expectations (~> 3.10.0)
      rspec-mocks (~> 3.10.0)
    rspec-core (3.10.1)
      rspec-support (~> 3.10.0)
    rspec-expectations (3.10.1)
      diff-lcs (>= 1.2.0, < 2.0)
      rspec-support (~> 3.10.0)
    rspec-mocks (3.10.2)
      diff-lcs (>= 1.2.0, < 2.0)
      rspec-support (~> 3.10.0)
    rspec-support (3.10.3)

PLATFORMS
  ruby

DEPENDENCIES
  issue!
  rake (~> 13.0.3)
  rspec (~> 3.10)

BUNDLED WITH
   2.2.27
