PATH
  remote: .
  specs:
    issue (1.0.1)
      openssl
      rack

GEM
  remote: https://rubygems.org/
  specs:
    diff-lcs (1.5.0)
    openssl (3.1.0)
    rack (3.0.4.1)
    rake (13.0.6)
    rspec (3.12.0)
      rspec-core (~> 3.12.0)
      rspec-expectations (~> 3.12.0)
      rspec-mocks (~> 3.12.0)
    rspec-core (3.12.1)
      rspec-support (~> 3.12.0)
    rspec-expectations (3.12.2)
      diff-lcs (>= 1.2.0, < 2.0)
      rspec-support (~> 3.12.0)
    rspec-mocks (3.12.3)
      diff-lcs (>= 1.2.0, < 2.0)
      rspec-support (~> 3.12.0)
    rspec-support (3.12.0)

PLATFORMS
  ruby

DEPENDENCIES
  issue!
  rake (~> 13.0.6)
  rspec (~> 3.12)

BUNDLED WITH
   2.4.7
