PATH
  remote: .
  specs:
    issue (1.0.2)
      openssl (~> 3.2)
      rack (~> 3.1)

GEM
  remote: https://rubygems.org/
  specs:
    diff-lcs (1.5.1)
    openssl (3.2.0)
    rack (3.1.4)
    rake (13.2.1)
    rspec (3.13.0)
      rspec-core (~> 3.13.0)
      rspec-expectations (~> 3.13.0)
      rspec-mocks (~> 3.13.0)
    rspec-core (3.13.0)
      rspec-support (~> 3.13.0)
    rspec-expectations (3.13.1)
      diff-lcs (>= 1.2.0, < 2.0)
      rspec-support (~> 3.13.0)
    rspec-mocks (3.13.1)
      diff-lcs (>= 1.2.0, < 2.0)
      rspec-support (~> 3.13.0)
    rspec-support (3.13.1)

PLATFORMS
  ruby

DEPENDENCIES
  issue!
  rake (~> 13.2)
  rspec (~> 3.13)

BUNDLED WITH
   2.5.14
